GEM
  specs:
    json (1.8.3)
    mac-event-monitor (0.2.1)
      json

PLATFORMS
  ruby

DEPENDENCIES
  mac-event-monitor

BUNDLED WITH
   1.11.2
